PATH
  remote: .
  specs:
    motion-kit-events (0.1.0)
      dbt
      motion-kit

GEM
  remote: https://rubygems.org/
  specs:
    dbt (1.1.4)
    motion-kit (0.9.6)
      dbt
    rake (10.3.2)
    sugarcube (1.6.1)

PLATFORMS
  ruby

DEPENDENCIES
  motion-kit
  motion-kit-events!
  rake
  sugarcube
