PATH
  remote: .
  specs:
    motion-kit-events (0.3.1)
      dbt
      motion-kit

GEM
  remote: https://rubygems.org/
  specs:
    dbt (1.2.0)
    motion-kit (0.10.1)
      dbt
    rake (10.3.2)
    sugarcube (2.1.5)

PLATFORMS
  ruby

DEPENDENCIES
  motion-kit
  motion-kit-events!
  rake
  sugarcube
