GIT
  remote: git@github.com:rubymotion/sugarcube
  revision: f702070ebead126eef05666f68a41f6975ffefc2
  branch: osx
  specs:
    sugarcube (2.0.0)

PATH
  remote: .
  specs:
    motion-kit-events (0.2.1)
      dbt
      motion-kit

GEM
  remote: https://rubygems.org/
  specs:
    dbt (1.1.4)
    motion-kit (0.9.6)
      dbt
    rake (10.3.2)

PLATFORMS
  ruby

DEPENDENCIES
  motion-kit
  motion-kit-events!
  rake
  sugarcube!
